GIT
  remote: git://github.com/eoris/codebreaker.git
  revision: 042062ab85775115256b9981ae0db52714dcad97
  specs:
    codebreaker (0.1.3)

GEM
  remote: https://rubygems.org/
  specs:
    diff-lcs (1.2.5)
    rack (1.6.4)
    rack-test (0.6.3)
      rack (>= 1.0)
    rake (10.4.2)
    rspec (3.4.0)
      rspec-core (~> 3.4.0)
      rspec-expectations (~> 3.4.0)
      rspec-mocks (~> 3.4.0)
    rspec-core (3.4.1)
      rspec-support (~> 3.4.0)
    rspec-expectations (3.4.0)
      diff-lcs (>= 1.2.0, < 2.0)
      rspec-support (~> 3.4.0)
    rspec-mocks (3.4.0)
      diff-lcs (>= 1.2.0, < 2.0)
      rspec-support (~> 3.4.0)
    rspec-support (3.4.1)

PLATFORMS
  ruby

DEPENDENCIES
  codebreaker!
  rack
  rack-test
  rake
  rspec

BUNDLED WITH
   1.10.6
